NUGET
  remote: https://www.nuget.org/api/v2
  specs:
    Extended.Wpf.Toolkit (2.7)
    FAKE (4.25.2)
    FSharp.Charting (0.90.13)
    FSharp.Compiler.Service (2.0.0.6)
    FSharp.Data (2.2.5)
      Zlib.Portable (>= 1.10) - framework: portable-net40+sl50+wp80+win80
    FSharp.Formatting (2.14.2)
      FSharp.Compiler.Service (2.0.0.6)
      FSharpVSPowerTools.Core (>= 2.3 < 2.4)
    FSharpVSPowerTools.Core (2.3)
      FSharp.Compiler.Service (>= 2.0.0.3)
    Hyak.Common (1.0.3)
      Microsoft.Bcl (>= 1.1.9) - framework: portable-net403+win+wpa81
      Microsoft.Bcl.Async (>= 1.0.168) - framework: portable-net403+win+wpa81
      Microsoft.Bcl.Build (>= 1.0.14) - framework: portable-net403+win+wpa81
      Microsoft.Net.Http (>= 2.2.22) - framework: portable-net403+win+wpa81
      Newtonsoft.Json (>= 6.0.4) - framework: portable-net403+win+wpa81
    LibGit2Sharp (0.22)
      LibGit2Sharp.NativeBinaries (1.0.129)
    LibGit2Sharp.NativeBinaries (1.0.129)
    Microsoft.Azure.Common (2.1.0)
      Hyak.Common (>= 1.0.2)
      Microsoft.Azure.Common.Dependencies (>= 1.0.0)
    Microsoft.Azure.Common.Dependencies (1.0.0)
      Microsoft.Bcl (>= 1.1.9) - framework: portable-net45+wp80+wpa81+win, >= net40, >= net45
      Microsoft.Bcl.Async (>= 1.0.168) - framework: portable-net45+wp80+wpa81+win, >= net40, >= net45
      Microsoft.Bcl.Build (>= 1.0.14) - framework: portable-net45+wp80+wpa81+win, >= net40, >= net45
      Microsoft.Net.Http (>= 2.2.22) - framework: portable-net45+wp80+wpa81+win, >= net40, >= net45
      Newtonsoft.Json (>= 6.0.4) - framework: portable-net45+wp80+wpa81+win, >= net40, >= net45
    Microsoft.Bcl (1.1.10)
      Microsoft.Bcl.Build (>= 1.0.14)
    Microsoft.Bcl.Build (1.0.21) - import_targets: false
    Microsoft.Net.Http (2.2.29)
      Microsoft.Bcl (>= 1.1.10)
      Microsoft.Bcl.Build (>= 1.0.14)
    Microsoft.WindowsAzure.Common (1.4.1)
      Microsoft.WindowsAzure.Common.Dependencies (>= 1.1.1)
    Microsoft.WindowsAzure.Common.Dependencies (1.1.1)
      Microsoft.Bcl (>= 1.1.9) - framework: portable-net45+wp80+wpa81+win, >= net40, >= net45
      Microsoft.Bcl.Async (>= 1.0.168) - framework: portable-net45+wp80+wpa81+win, >= net40, >= net45
      Microsoft.Bcl.Build (>= 1.0.14) - framework: portable-net45+wp80+wpa81+win, >= net40, >= net45
      Microsoft.Net.Http (>= 2.2.22) - framework: portable-net45+wp80+wpa81+win, >= net40, >= net45
      Newtonsoft.Json (>= 6.0.4) - framework: portable-net45+wp80+wpa81+win, >= net40, >= net45
    Microsoft.WindowsAzure.Management (4.1.1)
      Microsoft.Azure.Common (>= 2.0.4 < 3.0)
    Microsoft.WindowsAzure.Management.Compute (12.3.1)
      Microsoft.Azure.Common (>= 2.0.4 < 3.0)
    Newtonsoft.Json (7.0.1) - framework: portable-net45+wp80+wpa81+win, >= net40, >= net45
    NUnit (2.6.4)
    NUnit.Runners (2.6.4)
    Octokit (0.19)
      Microsoft.Net.Http
    SourceLink.Fake (1.1)
    Zlib.Portable (1.11) - framework: portable-net40+sl50+wp80+win80
GITHUB
  remote: fsharp/FAKE
  specs:
    modules/Octokit/Octokit.fsx (59dfade480c5f9107107f11af366aaae1f4a9157)
      Octokit
HTTP
  remote: https://live.sysinternals.com
  specs:
    handle.zip (/files/handle.zip)

